GEM
  remote: https://rubygems.org/
  specs:
    connection_pool (2.2.2)
    dotenv (1.0.2)
    encrypted_cookie (0.0.4)
    faraday (0.15.3)
      multipart-post (>= 1.2, < 3)
    json (2.1.0)
    multipart-post (2.0.0)
    net-http-persistent (3.0.0)
      connection_pool (~> 2.2)
    rack (1.6.11)
    rack-protection (1.5.5)
      rack
    sinatra (1.4.5)
      rack (~> 1.4)
      rack-protection (~> 1.4)
      tilt (~> 1.3, >= 1.3.4)
    stripe (4.0.3)
      faraday (~> 0.13)
      net-http-persistent (~> 3.0)
    tilt (1.4.1)

PLATFORMS
  ruby

DEPENDENCIES
  dotenv (= 1.0.2)
  encrypted_cookie (= 0.0.4)
  json (= 2.1.0)
  sinatra (= 1.4.5)
  stripe (= 4.0.3)

RUBY VERSION
   ruby 2.5.1p57

BUNDLED WITH
   1.17.1
